GEM
  remote: https://rubygems.org/
  specs:
    coderay (1.1.3)
    colorize (0.8.1)
    ffi (1.13.1)
    filewatcher (2.0.0.beta2)
    htmlcompressor (0.4.0)
    method_source (1.0.0)
    pry (0.13.1)
      coderay (~> 1.1)
      method_source (~> 1.0)
    sassc (2.4.0)
      ffi (~> 1.9)

PLATFORMS
  ruby

DEPENDENCIES
  colorize (~> 0.8.1)
  filewatcher (~> 2.0.0.beta2)
  htmlcompressor (~> 0.4.0)
  pry (~> 0.13.1)
  sassc (~> 2.4)

BUNDLED WITH
   2.1.2
